GEM
  remote: https://rubygems.org/
  specs:
    ethon (0.12.0)
      ffi (>= 1.3.0)
    ffi (1.11.1)
    mini_portile2 (2.4.0)
    namecheap-api (0.0.1)
      nokogiri (~> 1.6)
      typhoeus (~> 0.6)
    nokogiri (1.10.3)
      mini_portile2 (~> 2.4.0)
    typhoeus (0.8.0)
      ethon (>= 0.8.0)

PLATFORMS
  ruby

DEPENDENCIES
  namecheap-api

BUNDLED WITH
   1.17.3
