GEM
  remote: https://rubygems.org/
  specs:
    byebug (11.1.1)
    ethon (0.12.0)
      ffi (>= 1.3.0)
    ffi (1.12.2)
    json (1.8.6)
    mini_portile2 (2.4.0)
    namecheap-api (0.0.1)
      nokogiri (~> 1.6)
      typhoeus (~> 0.6)
    nokogiri (1.10.8)
      mini_portile2 (~> 2.4.0)
    typhoeus (0.8.0)
      ethon (>= 0.8.0)
    xml-to-hash (1.0.3)
      nokogiri (~> 1, >= 1.6)
    xml-to-json (1.0.2)
      json (~> 1)
      xml-to-hash (>= 1)

PLATFORMS
  ruby

DEPENDENCIES
  byebug
  namecheap-api
  xml-to-json

BUNDLED WITH
   1.17.3
